GEM
  remote: https://rubygems.org/
  specs:
    classifier (1.3.4)
      fast-stemmer (>= 1.0.0)
    directory_watcher (1.5.1)
    fast-stemmer (1.0.2)
    jekyll (0.6.2)
      classifier (>= 1.3.1)
      directory_watcher (>= 1.1.1)
      liquid (>= 1.9.0)
      maruku (>= 0.5.9)
    kramdown (1.9.0)
    liquid (2.6.3)
    maruku (0.7.2)
    puma (2.14.0)
    rack (1.2.8)
    rack-jekyll (0.3.7)
      jekyll (~> 0.6.2)
      rack (~> 1.2.1)
    rake (10.4.2)

PLATFORMS
  ruby

DEPENDENCIES
  jekyll
  kramdown
  puma
  rack-jekyll
  rake

BUNDLED WITH
   1.10.6
